GEM
  remote: https://rubygems.org/
  specs:
    activesupport (6.1.3.1)
      concurrent-ruby (~> 1.0, >= 1.0.2)
      i18n (>= 1.6, < 2)
      minitest (>= 5.1)
      tzinfo (~> 2.0)
      zeitwerk (~> 2.3)
    builder (3.2.4)
    concurrent-ruby (1.1.8)
    cucumber (4.0.1)
      builder (~> 3.2, >= 3.2.3)
      cucumber-core (~> 7.0, >= 7.0.0)
      cucumber-cucumber-expressions (~> 10.1, >= 10.1.0)
      cucumber-gherkin (~> 13.0, >= 13.0.0)
      cucumber-html-formatter (~> 6.0, >= 6.0.1)
      cucumber-messages (~> 12.1, >= 12.1.1)
      cucumber-wire (~> 3.0, >= 3.0.0)
      diff-lcs (~> 1.3, >= 1.3, < 1.4)
      multi_test (~> 0.1, >= 0.1.2)
      sys-uname (~> 1.0, >= 1.0.2)
    cucumber-core (7.0.0)
      cucumber-gherkin (~> 13.0, >= 13.0.0)
      cucumber-messages (~> 12.1, >= 12.1.1)
      cucumber-tag-expressions (~> 2.0, >= 2.0.4)
    cucumber-cucumber-expressions (10.3.0)
    cucumber-gherkin (13.0.0)
      cucumber-messages (~> 12.0, >= 12.0.0)
    cucumber-html-formatter (6.0.3)
      cucumber-messages (~> 12.1, >= 12.1.1)
    cucumber-messages (12.4.0)
      protobuf-cucumber (~> 3.10, >= 3.10.8)
    cucumber-tag-expressions (2.0.4)
    cucumber-wire (3.0.0)
      cucumber-core (~> 7.0, >= 7.0.0)
      cucumber-cucumber-expressions (~> 10.1, >= 10.1.0)
      cucumber-messages (~> 12.1, >= 12.1.1)
    diff-lcs (1.3)
    ffi (1.15.0)
    i18n (1.8.10)
      concurrent-ruby (~> 1.0)
    middleware (0.1.0)
    minitest (5.14.4)
    multi_test (0.1.2)
    protobuf-cucumber (3.10.8)
      activesupport (>= 3.2)
      middleware
      thor
      thread_safe
    rspec (3.9.0)
      rspec-core (~> 3.9.0)
      rspec-expectations (~> 3.9.0)
      rspec-mocks (~> 3.9.0)
    rspec-core (3.9.3)
      rspec-support (~> 3.9.3)
    rspec-expectations (3.9.4)
      diff-lcs (>= 1.2.0, < 2.0)
      rspec-support (~> 3.9.0)
    rspec-mocks (3.9.1)
      diff-lcs (>= 1.2.0, < 2.0)
      rspec-support (~> 3.9.0)
    rspec-support (3.9.4)
    sys-uname (1.2.2)
      ffi (~> 1.1)
    thor (1.1.0)
    thread_safe (0.3.6)
    tzinfo (2.0.4)
      concurrent-ruby (~> 1.0)
    zeitwerk (2.4.2)

PLATFORMS
  ruby

DEPENDENCIES
  cucumber (~> 4.0.1)
  rspec (~> 3.9.0)

BUNDLED WITH
   2.2.3
